PATH
  remote: .
  specs:
    adzerk (0.1.7)
      activesupport (~> 3.2.8)
      json (~> 1.7.5)
      rest-client (~> 1.6.7)

GEM
  remote: https://rubygems.org/
  specs:
    activesupport (3.2.13)
      i18n (= 0.6.1)
      multi_json (~> 1.0)
    diff-lcs (1.1.3)
    i18n (0.6.1)
    json (1.7.7)
    mime-types (1.21)
    multi_json (1.7.1)
    rest-client (1.6.7)
      mime-types (>= 1.16)
    rspec (2.11.0)
      rspec-core (~> 2.11.0)
      rspec-expectations (~> 2.11.0)
      rspec-mocks (~> 2.11.0)
    rspec-core (2.11.1)
    rspec-expectations (2.11.3)
      diff-lcs (~> 1.1.3)
    rspec-mocks (2.11.3)

PLATFORMS
  ruby

DEPENDENCIES
  adzerk!
  rspec (~> 2.11.0)
